GEM
  remote: https://rubygems.org/
  specs:
    activemodel (3.2.3)
      activesupport (= 3.2.3)
      builder (~> 3.0.0)
    activerecord (3.2.3)
      activemodel (= 3.2.3)
      activesupport (= 3.2.3)
      arel (~> 3.0.2)
      tzinfo (~> 0.3.29)
    activesupport (3.2.3)
      i18n (~> 0.6)
      multi_json (~> 1.0)
    arel (3.0.2)
    builder (3.0.0)
    i18n (0.6.0)
    json (1.6.6)
    multi_json (1.2.0)
    rack (1.4.1)
    rack-protection (1.2.0)
      rack
    rake (0.8.7)
    sinatra (1.3.2)
      rack (~> 1.3, >= 1.3.6)
      rack-protection (~> 1.2)
      tilt (~> 1.3, >= 1.3.3)
    sinatra-activerecord (0.1.3)
      sinatra (>= 0.9.4)
    sqlite3 (1.3.5)
    tilt (1.3.3)
    tzinfo (0.3.33)

PLATFORMS
  ruby

DEPENDENCIES
  activerecord
  json
  rake
  sinatra
  sinatra-activerecord
  sqlite3
